PATH
  remote: .
  specs:
    mr_speedy_ruby (0.1.0)

GEM
  remote: https://rubygems.org/
  specs:
    awesome_print (1.8.0)
    coderay (1.1.2)
    method_source (1.0.0)
    minitest (5.14.0)
    pry (0.13.1)
      coderay (~> 1.1)
      method_source (~> 1.0)
    rake (13.0.1)

PLATFORMS
  ruby

DEPENDENCIES
  awesome_print
  bundler (~> 2.0)
  minitest (~> 5.0)
  mr_speedy_ruby!
  pry
  rake (~> 13.0)

BUNDLED WITH
   2.0.2
